GEM
  remote: http://rubygems.org/
  specs:
    builder (3.0.0)
    faraday (0.8.1)
      multipart-post (~> 1.1)
    httpauth (0.1)
    multi_json (1.3.6)
    multipart-post (1.1.5)
    nokogiri (1.5.3)
    oauth (0.4.6)
    oauth2 (0.7.1)
      faraday (~> 0.8)
      httpauth (~> 0.1)
      multi_json (~> 1.0)
      rack (~> 1.4)
    rack (1.4.1)
    rack-protection (1.2.0)
      rack
    simple_oauth (0.1.8)
    sinatra (1.3.2)
      rack (~> 1.3, >= 1.3.6)
      rack-protection (~> 1.2)
      tilt (~> 1.3, >= 1.3.3)
    tilt (1.3.3)
    youtube_it (2.1.5)
      builder
      faraday (~> 0.8)
      nokogiri (~> 1.5.2)
      oauth (~> 0.4.4)
      oauth2 (~> 0.6)
      simple_oauth (~> 0.1.5)

PLATFORMS
  ruby

DEPENDENCIES
  sinatra
  youtube_it
